GEM
  remote: http://rubygems.org/
  specs:
    activesupport (5.0.2)
      concurrent-ruby (~> 1.0, >= 1.0.2)
      i18n (~> 0.7)
      minitest (~> 5.1)
      tzinfo (~> 1.1)
    builder (3.2.3)
    childprocess (0.6.2)
      ffi (~> 1.0, >= 1.0.11)
    concurrent-ruby (1.0.5-java)
    cucumber (2.4.0)
      builder (>= 2.1.2)
      cucumber-core (~> 1.5.0)
      cucumber-wire (~> 0.0.1)
      diff-lcs (>= 1.1.3)
      gherkin (~> 4.0)
      multi_json (>= 1.7.5, < 2.0)
      multi_test (>= 0.1.2)
    cucumber-core (1.5.0)
      gherkin (~> 4.0)
    cucumber-wire (0.0.1)
    diff-lcs (1.3)
    ffi (1.9.18-java)
    gherkin (4.1.1)
    i18n (0.8.1)
    minitest (5.10.1)
    multi_json (1.12.1)
    multi_test (0.1.2)
    nokogiri (1.7.1-java)
    rspec (3.5.0)
      rspec-core (~> 3.5.0)
      rspec-expectations (~> 3.5.0)
      rspec-mocks (~> 3.5.0)
    rspec-core (3.5.4)
      rspec-support (~> 3.5.0)
    rspec-expectations (3.5.0)
      diff-lcs (>= 1.2.0, < 2.0)
      rspec-support (~> 3.5.0)
    rspec-mocks (3.5.0)
      diff-lcs (>= 1.2.0, < 2.0)
      rspec-support (~> 3.5.0)
    rspec-support (3.5.0)
    ruby-ole (1.2.12.1)
    rubyzip (1.2.1)
    selenium-webdriver (3.0.8)
      childprocess (~> 0.5)
      rubyzip (~> 1.0)
      websocket (~> 1.0)
    sikulix (1.1.0.3)
    spreadsheet (1.1.4)
      ruby-ole (>= 1.0)
    syntax (1.2.1)
    thread_safe (0.3.6-java)
    tzinfo (1.2.2)
      thread_safe (~> 0.1)
    watir-webdriver (0.9.9)
      selenium-webdriver (>= 2.46.2)
    websocket (1.2.4)
    win32-clipboard (0.6.4)
      ffi

PLATFORMS
  java

DEPENDENCIES
  activesupport (~> 5.0.1)
  bundler (~> 1.14.6)
  cucumber (~> 2.4.0)
  nokogiri (~> 1.0)
  rspec (~> 3.5.0)
  selenium-webdriver (~> 3.0.5)
  sikulix (~> 1.1.0.3)
  spreadsheet (~> 1.1.4)
  syntax (~> 1.2.1)
  watir-webdriver (~> 0.9.9)
  win32-clipboard (~> 0.6.4)

BUNDLED WITH
   1.14.6
